GEM
  remote: https://rubygems.org/
  specs:
    nio4r (2.7.1)
    puma (6.4.2)
      nio4r (~> 2.0)
    rack (3.0.10)

PLATFORMS
  arm64-darwin-22

DEPENDENCIES
  puma (~> 6.4)
  rack (~> 3.0)

BUNDLED WITH
   2.4.8
